GEM
  remote: https://rubygems.org/
  specs:
    json (1.8.1)
    pagerduty (2.0.0)
      json (>= 1.7.7)
    rack (1.5.2)
    rack-protection (1.5.3)
      rack
    sinatra (1.4.5)
      rack (~> 1.4)
      rack-protection (~> 1.4)
      tilt (~> 1.3, >= 1.3.4)
    slack-notifier (0.6.0)
    tilt (1.4.1)

PLATFORMS
  ruby

DEPENDENCIES
  pagerduty
  sinatra
  slack-notifier
